GIT
  remote: https://github.com/alloy/kicker.git
  revision: 6430787ebf8b9305acc2d2f89ae5cf01d2cd5488
  branch: 3.0.0
  specs:
    kicker (3.0.0pre1)
      listen
      terminal-notifier

PATH
  remote: .
  specs:
    cocoapods-core (0.17.0.alpha)
      activesupport (~> 3.2.6)
      faraday (~> 0.8.1)
      octokit (~> 1.7)
      rake (~> 0.9.4)

GEM
  remote: http://rubygems.org/
  specs:
    activesupport (3.2.11)
      i18n (~> 0.6)
      multi_json (~> 1.0)
    addressable (2.3.2)
    awesome_print (1.1.0)
    bacon (1.2.0)
    coderay (1.0.8)
    faraday (0.8.4)
      multipart-post (~> 1.1)
    faraday_middleware (0.9.0)
      faraday (>= 0.7.4, < 0.9)
    github-markup (0.7.5)
    hashie (1.2.0)
    i18n (0.6.1)
    listen (0.7.2)
    metaclass (0.0.1)
    method_source (0.8.1)
    mocha (0.11.4)
      metaclass (~> 0.0.1)
    mocha-on-bacon (0.2.1)
      mocha (>= 0.9.8)
    multi_json (1.5.0)
    multipart-post (1.1.5)
    netrc (0.7.7)
    octokit (1.21.0)
      addressable (~> 2.2)
      faraday (~> 0.8)
      faraday_middleware (~> 0.9)
      hashie (~> 1.2)
      multi_json (~> 1.3)
      netrc (~> 0.7.7)
    posix-spawn (0.3.6)
    pry (0.9.10)
      coderay (~> 1.0.5)
      method_source (~> 0.8)
      slop (~> 3.3.1)
    pygments.rb (0.3.7)
      posix-spawn (~> 0.3.6)
      yajl-ruby (~> 1.1.0)
    rake (0.9.6)
    rb-fsevent (0.9.3)
    redcarpet (2.2.2)
    slop (3.3.3)
    terminal-notifier (1.4.2)
    yajl-ruby (1.1.0)
    yard (0.8.3)

PLATFORMS
  ruby

DEPENDENCIES
  awesome_print
  bacon
  cocoapods-core!
  github-markup
  kicker!
  mocha (~> 0.11.4)
  mocha-on-bacon
  pry
  pygments.rb
  rake
  rb-fsevent
  redcarpet
  yard
